GEM
  remote: http://rubygems.org/
  specs:
    sqlite3 (1.3.7)
    thor (0.18.1)

PLATFORMS
  ruby

DEPENDENCIES
  sqlite3
  thor
