PATH
  remote: .
  specs:
    ng2 (0.0.1)
      gazay-kyotocabinet-ruby (= 1.29)
      thor (= 0.18.1)

GEM
  remote: https://rubygems.org/
  specs:
    gazay-kyotocabinet-ruby (1.29)
    minitest (5.0.8)
    rake (10.1.0)
    thor (0.18.1)

PLATFORMS
  ruby

DEPENDENCIES
  bundler (~> 1.3)
  minitest (~> 5.0)
  ng2!
  rake
